GEM
  remote: https://rubygems.org/
  specs:
    aasm (5.5.0)
      concurrent-ruby (~> 1.0)
    activemodel (7.0.7.2)
      activesupport (= 7.0.7.2)
    activerecord (7.0.7.2)
      activemodel (= 7.0.7.2)
      activesupport (= 7.0.7.2)
    activerecord-postgis-adapter (8.0.2)
      activerecord (~> 7.0.0)
      rgeo-activerecord (~> 7.0.0)
    activesupport (7.0.7.2)
      concurrent-ruby (~> 1.0, >= 1.0.2)
      i18n (>= 1.6, < 2)
      minitest (>= 5.1)
      tzinfo (~> 2.0)
    byebug (11.1.3)
    concurrent-ruby (1.2.2)
    connection_pool (2.4.1)
    countries (5.6.0)
      unaccent (~> 0.3)
    dsl_compose (2.7.0)
    dynamic_migrations (3.4.1)
      pg (~> 1.5)
    graphql (2.1.0)
    i18n (1.14.1)
      concurrent-ruby (~> 1.0)
    iso-639 (0.3.6)
    minitest (5.19.0)
    money (6.16.0)
      i18n (>= 0.6.4, <= 2)
    multi_json (1.15.0)
    mustermann (3.0.0)
      ruby2_keywords (~> 0.0.1)
    pg (1.5.3)
    phony (2.20.7)
    platformer (0.0.0)
      aasm (~> 5.5)
      activemodel (~> 7.0)
      activerecord (~> 7.0)
      activerecord-postgis-adapter (~> 8.0)
      activesupport (~> 7.0)
      countries (~> 5.6)
      dsl_compose (~> 2.2)
      dynamic_migrations (~> 3.0)
      graphql (~> 2.0)
      iso-639 (~> 0.3)
      money (~> 6.16)
      pg (~> 1.5)
      phony (~> 2.20)
      rack-contrib (~> 2.3)
      redis (~> 5.0)
      sinatra (~> 3.1)
      sinatra-contrib (~> 3.1)
    puma (3.12.6)
    rack (2.2.8)
    rack-contrib (2.3.0)
      rack (~> 2.0)
    rack-protection (3.1.0)
      rack (~> 2.2, >= 2.2.4)
    redis (5.0.7)
      redis-client (>= 0.9.0)
    redis-client (0.16.0)
      connection_pool
    rgeo (3.0.0)
    rgeo-activerecord (7.0.1)
      activerecord (>= 5.0)
      rgeo (>= 1.0.0)
    ruby2_keywords (0.0.5)
    sinatra (3.1.0)
      mustermann (~> 3.0)
      rack (~> 2.2, >= 2.2.4)
      rack-protection (= 3.1.0)
      tilt (~> 2.0)
    sinatra-contrib (3.1.0)
      multi_json
      mustermann (~> 3.0)
      rack-protection (= 3.1.0)
      sinatra (= 3.1.0)
      tilt (~> 2.0)
    tilt (2.2.0)
    tzinfo (2.0.6)
      concurrent-ruby (~> 1.0)
    unaccent (0.4.0)

PLATFORMS
  arm64-darwin-22

DEPENDENCIES
  byebug
  platformer (~> 0.0.0)
  puma (~> 3.7)

RUBY VERSION
   ruby 3.1.4p223

BUNDLED WITH
   2.3.26
